GEM
  remote: https://rubygems.org/
  specs:
    daemons (1.1.9)
    eventmachine (1.0.3)
    hobbit (0.1.0)
      rack
    hobbit-contrib (0.1.0)
      hobbit
      tilt
    rack (1.5.2)
    sqlite3 (1.3.7)
    thin (1.5.1)
      daemons (>= 1.0.9)
      eventmachine (>= 0.12.6)
      rack (>= 1.0.0)
    tilt (1.4.1)

PLATFORMS
  ruby

DEPENDENCIES
  hobbit
  hobbit-contrib
  sqlite3
  thin
  tilt
